GEM
  remote: https://rubygems.org/
  specs:
    bourbon (4.2.2)
      sass (~> 3.4)
      thor
    execjs (2.5.2)
    htmlcompressor (0.2.0)
    json (1.8.2)
    sass (3.4.13)
    thor (0.19.1)
    uglifier (2.7.1)
      execjs (>= 0.3.0)
      json (>= 1.8.0)

PLATFORMS
  ruby

DEPENDENCIES
  bourbon (~> 4.2.2)
  htmlcompressor (~> 0.2.0)
  sass (~> 3.4.13)
  uglifier (~> 2.7.1)
